GIT
  remote: git@github.com:opal/opal-jquery.git
  revision: f47a9b42da366cea270f743b05acf529f3077d35
  specs:
    opal-jquery (0.4.2)
      opal (>= 0.10.0, < 0.12.0)

GIT
  remote: git@github.com:opal/opal.git
  revision: bfaacff61d63e0c31912bad72413ba3f72ec9aed
  specs:
    opal (0.11.1.dev)
      ast (>= 2.3.0)
      hike (~> 1.2)
      parser (= 2.4.0.2)
      sourcemap (~> 0.1.0)

GEM
  remote: https://rubygems.org/
  specs:
    ast (2.4.0)
    coderay (1.1.2)
    ffi (1.9.23)
    formatador (0.2.5)
    guard (2.14.2)
      formatador (>= 0.2.4)
      listen (>= 2.7, < 4.0)
      lumberjack (>= 1.0.12, < 2.0)
      nenv (~> 0.1)
      notiffany (~> 0.0)
      pry (>= 0.9.12)
      shellany (~> 0.0)
      thor (>= 0.18.1)
    guard-rake (1.0.0)
      guard
      rake
    hike (1.2.3)
    listen (3.1.5)
      rb-fsevent (~> 0.9, >= 0.9.4)
      rb-inotify (~> 0.9, >= 0.9.7)
      ruby_dep (~> 1.2)
    lumberjack (1.0.12)
    method_source (0.9.0)
    nenv (0.3.0)
    notiffany (0.1.1)
      nenv (~> 0.1)
      shellany (~> 0.0)
    parser (2.4.0.2)
      ast (~> 2.3)
    pry (0.11.3)
      coderay (~> 1.1.0)
      method_source (~> 0.9.0)
    rake (12.3.0)
    rb-fsevent (0.10.3)
    rb-inotify (0.9.10)
      ffi (>= 0.5.0, < 2)
    ruby_dep (1.5.0)
    shellany (0.0.1)
    sourcemap (0.1.1)
    thor (0.20.0)

PLATFORMS
  ruby

DEPENDENCIES
  guard
  guard-rake
  opal!
  opal-jquery!

BUNDLED WITH
   1.16.1
